PATH
  remote: .
  specs:
    ledgerjournal (0.6.0)
      nokogiri (~> 1.10)
      open4 (~> 1.3)

GEM
  remote: https://rubygems.org/
  specs:
    docile (1.3.2)
    mini_portile2 (2.6.1)
    minitest (5.14.2)
    nokogiri (1.12.5)
      mini_portile2 (~> 2.6.1)
      racc (~> 1.4)
    open4 (1.3.4)
    racc (1.5.2)
    rake (12.3.3)
    simplecov (0.19.1)
      docile (~> 1.1)
      simplecov-html (~> 0.11)
    simplecov-html (0.12.3)

PLATFORMS
  ruby

DEPENDENCIES
  ledgerjournal!
  minitest (~> 5.0)
  rake (~> 12.0)
  simplecov

BUNDLED WITH
   2.1.4
